GEM
  remote: https://rubygems.org/
  specs:
    addressable (2.8.4)
      public_suffix (>= 2.0.2, < 6.0)
    coderay (1.1.3)
    connection_pool (2.4.0)
    csv (3.2.6)
    domain_name (0.5.20190701)
      unf (>= 0.0.5, < 1.0.0)
    http-cookie (1.0.5)
      domain_name (~> 0.5)
    httparty (0.21.0)
      mini_mime (>= 1.0.0)
      multi_xml (>= 0.5.2)
    mechanize (2.9.1)
      addressable (~> 2.8)
      domain_name (~> 0.5, >= 0.5.20190701)
      http-cookie (~> 1.0, >= 1.0.3)
      mime-types (~> 3.0)
      net-http-digest_auth (~> 1.4, >= 1.4.1)
      net-http-persistent (>= 2.5.2, < 5.0.dev)
      nokogiri (~> 1.11, >= 1.11.2)
      rubyntlm (~> 0.6, >= 0.6.3)
      webrick (~> 1.7)
      webrobots (~> 0.1.2)
    method_source (1.0.0)
    mime-types (3.4.1)
      mime-types-data (~> 3.2015)
    mime-types-data (3.2023.0218.1)
    mini_mime (1.1.2)
    multi_xml (0.6.0)
    net-http-digest_auth (1.4.1)
    net-http-persistent (4.0.2)
      connection_pool (~> 2.2)
    nokogiri (1.14.3-x86_64-linux)
      racc (~> 1.4)
    pry (0.14.2)
      coderay (~> 1.1)
      method_source (~> 1.0)
    public_suffix (5.0.1)
    racc (1.6.2)
    rexml (3.2.5)
    rubyntlm (0.6.3)
    rubyzip (2.3.2)
    selenium-webdriver (4.8.6)
      rexml (~> 3.2, >= 3.2.5)
      rubyzip (>= 1.2.2, < 3.0)
      websocket (~> 1.0)
    stringex (2.8.6)
    unf (0.1.4)
      unf_ext
    unf_ext (0.0.8.2)
    webrick (1.8.1)
    webrobots (0.1.2)
    websocket (1.2.9)

PLATFORMS
  x86_64-linux

DEPENDENCIES
  csv (~> 3.0)
  httparty (~> 0.21.0)
  mechanize
  nokogiri (~> 1.14, >= 1.14.3)
  pry (~> 0.14.2)
  selenium-webdriver (~> 4.8.3)
  stringex (~> 2.8, >= 2.8.5)

BUNDLED WITH
   2.2.22
